GIT
  remote: git://github.com/tmeinlschmidt/redis-sentinel.git
  revision: 31961c334c7204ead15cb2a2c34679d8be0ad723
  specs:
    redis-sentinel (1.3.0)
      redis

GEM
  remote: http://rubygems.org/
  specs:
    celluloid (0.15.2)
      timers (~> 1.1.0)
    connection_pool (1.2.0)
    daemons (1.1.9)
    eventmachine (1.0.3)
    graphite-api (0.1.2)
      eventmachine (>= 0.3.3)
      zscheduler (>= 0.0.3)
    json (1.8.1)
    redis (3.0.6)
    redis-namespace (1.4.1)
      redis (~> 3.0.4)
    sidekiq (2.17.3)
      celluloid (>= 0.15.2)
      connection_pool (>= 1.0.0)
      json
      redis (>= 3.0.6)
      redis-namespace (>= 1.3.1)
    timers (1.1.0)
    zscheduler (0.0.5)
      eventmachine

PLATFORMS
  ruby

DEPENDENCIES
  daemons
  graphite-api
  redis
  redis-namespace
  redis-sentinel!
  sidekiq
